GEM
  remote: https://rubygems.org/
  specs:
    aws (2.10.2)
      http_connection
      uuidtools
      xml-simple
    http_connection (1.4.4)
    mime-types (3.0)
      mime-types-data (~> 3.2015)
    mime-types-data (3.2015.1120)
    rake (12.3.3)
    uuidtools (2.1.5)
    xml-simple (1.1.5)

PLATFORMS
  ruby

DEPENDENCIES
  aws
  mime-types
  rake

BUNDLED WITH
   1.10.6
